GEM
  remote: http://yumrepo.sys.comcast.net/automation/gems/
  remote: http://yumrepo.sys.comcast.net/gems/
  specs:
    colorize (0.7.3)
    diff-lcs (1.2.5)
    docile (1.1.5)
    ffi (1.9.6-x86-mingw32)
    mime-types (2.4.1)
    multi_json (1.10.1)
    netrc (0.7.7)
    rest-client (1.7.2)
      mime-types (>= 1.16, < 3.0)
      netrc (~> 0.7)
    rest-client (1.7.2-x86-mingw32)
      ffi (~> 1.9)
      mime-types (>= 1.16, < 3.0)
      netrc (~> 0.7)
    rspec (3.1.0)
      rspec-core (~> 3.1.0)
      rspec-expectations (~> 3.1.0)
      rspec-mocks (~> 3.1.0)
    rspec-core (3.1.7)
      rspec-support (~> 3.1.0)
    rspec-expectations (3.1.2)
      diff-lcs (>= 1.2.0, < 2.0)
      rspec-support (~> 3.1.0)
    rspec-mocks (3.1.3)
      rspec-support (~> 3.1.0)
    rspec-support (3.1.2)
    simplecov (0.9.1)
      docile (~> 1.1.0)
      multi_json (~> 1.0)
      simplecov-html (~> 0.8.0)
    simplecov-html (0.8.0)
    thong (0.0.2)
      colorize
      multi_json
      rest-client
      simplecov (>= 0.7)

PLATFORMS
  ruby
  x86-mingw32

DEPENDENCIES
  rspec
  thong
